GEM
  remote: https://rubygems.org/
  specs:
    activemodel (5.0.0.1)
      activesupport (= 5.0.0.1)
    activerecord (5.0.0.1)
      activemodel (= 5.0.0.1)
      activesupport (= 5.0.0.1)
      arel (~> 7.0)
    activesupport (5.0.0.1)
      concurrent-ruby (~> 1.0, >= 1.0.2)
      i18n (~> 0.7)
      minitest (~> 5.1)
      tzinfo (~> 1.1)
    arel (7.1.4)
    builder (3.2.2)
    concurrent-ruby (1.0.2)
    dotenv (2.0.1)
    dotenv-rails (2.0.1)
      dotenv (= 2.0.1)
    faraday (0.9.2)
      multipart-post (>= 1.2, < 3)
    faraday_middleware (0.9.2)
      faraday (>= 0.7.4, < 0.10)
    haml (4.0.7)
      tilt
    i18n (0.7.0)
    json (2.0.2)
    jwt (1.5.6)
    minitest (5.10.1)
    multi_json (1.12.1)
    multipart-post (2.0.0)
    particlerb (0.0.4)
      faraday (~> 0.9.0)
      faraday_middleware (~> 0.9.0)
    pg (0.19.0)
    rack (1.6.5)
    rack-protection (1.5.3)
      rack
    rake (12.0.0)
    shotgun (0.9.2)
      rack (>= 1.0)
    sinatra (1.4.7)
      rack (~> 1.5)
      rack-protection (~> 1.4)
      tilt (>= 1.3, < 3)
    sinatra-activerecord (2.0.11)
      activerecord (>= 3.2)
      sinatra (~> 1.0)
    sqlite3 (1.3.12)
    thread_safe (0.3.5)
    tilt (2.0.5)
    twilio-ruby (4.13.0)
      builder (>= 2.1.2)
      jwt (~> 1.0)
      multi_json (>= 1.3.0)
    tzinfo (1.2.2)
      thread_safe (~> 0.1)

PLATFORMS
  ruby

DEPENDENCIES
  activerecord
  activesupport
  builder
  dotenv
  dotenv-rails
  haml
  json
  particlerb (~> 0.0.3)
  pg
  rake
  shotgun
  sinatra
  sinatra-activerecord
  sqlite3
  twilio-ruby

RUBY VERSION
   ruby 2.3.1p112

BUNDLED WITH
   1.14.6
